GEM
  remote: https://rubygems.org/
  specs:
    activemodel (3.2.8)
      activesupport (= 3.2.8)
      builder (~> 3.0.0)
    activerecord (3.2.8)
      activemodel (= 3.2.8)
      activesupport (= 3.2.8)
      arel (~> 3.0.2)
      tzinfo (~> 0.3.29)
    activesupport (3.2.8)
      i18n (~> 0.6)
      multi_json (~> 1.0)
    arel (3.0.2)
    builder (3.0.3)
    camping (2.1.523)
      mab
      rack (>= 1.0)
    daemons (1.1.9)
    eventmachine (1.0.0)
    eventmachine (1.0.0-x86-mingw32)
    fast_trie (0.5.0)
    i18n (0.6.1)
    json (1.7.5)
    mab (0.0.2)
    markaby (0.7.2)
      builder (>= 2.0.0)
    multi_json (1.3.6)
    pg (0.14.1)
    pg (0.14.1-x86-mingw32)
    pusher (0.9.4)
      multi_json (~> 1.0)
      signature (~> 0.1.2)
    rack (1.4.1)
    signature (0.1.4)
    sqlite3 (1.3.6)
    sqlite3 (1.3.6-x86-mingw32)
    thin (1.4.1)
      daemons (>= 1.0.9)
      eventmachine (>= 0.12.6)
      rack (>= 1.0.0)
    tzinfo (0.3.33)

PLATFORMS
  ruby
  x86-mingw32

DEPENDENCIES
  activerecord
  camping
  fast_trie
  json
  markaby
  pg
  pusher
  sqlite3
  thin
