GEM
  remote: https://rubygems.org/
  specs:
    activemodel (3.0.3)
      activesupport (= 3.0.3)
      builder (~> 2.1.2)
      i18n (~> 0.4)
    activerecord (3.0.3)
      activemodel (= 3.0.3)
      activesupport (= 3.0.3)
      arel (~> 2.0.2)
      tzinfo (~> 0.3.23)
    activesupport (3.0.3)
    arel (2.0.10)
    builder (2.1.2)
    camping (2.1)
      rack (>= 1.0)
    crack (0.1.8)
    fast_trie (0.5.0)
    i18n (0.6.0)
    json (1.4.6)
    markaby (0.7.1)
      builder (>= 2.0.0)
    pusher (0.7.0)
      crack (~> 0.1.0)
      json (~> 1.4.0)
      ruby-hmac (~> 0.4.0)
      signature (~> 0.1.2)
    rack (1.4.1)
    ruby-hmac (0.4.0)
    signature (0.1.4)
    tzinfo (0.3.33)

PLATFORMS
  ruby

DEPENDENCIES
  activerecord (= 3.0.3)
  camping (= 2.1)
  fast_trie (= 0.5.0)
  json (= 1.4.6)
  markaby (= 0.7.1)
  pusher (= 0.7.0)
