GEM
  remote: https://rubygems.org/
  specs:
    activerecord (2.3.14)
      activesupport (= 2.3.14)
    activesupport (2.3.14)
    builder (3.1.3)
    camping (2.1.523)
      mab
      rack (>= 1.0)
    daemons (1.1.9)
    eventmachine (1.0.0)
    fast_trie (0.5.0)
    json (1.7.5)
    mab (0.0.2)
    markaby (0.7.2)
      builder (>= 2.0.0)
    multi_json (1.3.6)
    pg (0.14.1)
    pusher (0.9.4)
      multi_json (~> 1.0)
      signature (~> 0.1.2)
    rack (1.4.1)
    signature (0.1.4)
    sqlite3 (1.3.6)
    sqlite3-ruby (1.3.3)
      sqlite3 (>= 1.3.3)
    thin (1.4.1)
      daemons (>= 1.0.9)
      eventmachine (>= 0.12.6)
      rack (>= 1.0.0)

PLATFORMS
  ruby

DEPENDENCIES
  activerecord
  camping
  fast_trie
  json
  markaby
  pg
  pusher
  sqlite3-ruby
  thin
