GEM
  remote: https://rubygems.org/
  specs:
    activerecord (2.3.14)
      activesupport (= 2.3.14)
    activesupport (2.3.14)
    builder (3.1.3)
    camping (2.1.523)
      mab
      rack (>= 1.0)
    dalli (2.2.1)
    fast_trie (0.5.0)
    json (1.7.5)
    mab (0.0.2)
    markaby (0.7.2)
      builder (>= 2.0.0)
    multi_json (1.3.6)
    pg (0.14.1)
    pg (0.14.1-x86-mingw32)
    pusher (0.10.0)
      multi_json (~> 1.0)
      signature (~> 0.1.4)
    rack (1.4.1)
    signature (0.1.4)
    sqlite3 (1.3.6)
    sqlite3 (1.3.6-x86-mingw32)

PLATFORMS
  ruby
  x86-mingw32

DEPENDENCIES
  activerecord
  camping
  dalli
  fast_trie
  json
  markaby
  pg
  pusher
  sqlite3
